PATH
  remote: .
  specs:
    oily_png (0.2.0)
      chunky_png (~> 0.12)

GEM
  remote: http://rubygems.org/
  specs:
    chunky_png (0.12.0)
    diff-lcs (1.1.2)
    rake (0.8.7)
    rake-compiler (0.7.5)
      rake
    rspec (2.2.0)
      rspec-core (~> 2.2)
      rspec-expectations (~> 2.2)
      rspec-mocks (~> 2.2)
    rspec-core (2.2.1)
    rspec-expectations (2.2.0)
      diff-lcs (~> 1.1.2)
    rspec-mocks (2.2.0)

PLATFORMS
  ruby

DEPENDENCIES
  chunky_png (~> 0.12)
  oily_png!
  rake
  rake-compiler
  rspec (~> 2)
