PATH
  remote: .
  specs:
    oily_png (0.0.2)
      chunky_png (~> 0.10.1)

GEM
  remote: http://rubygems.org/
  specs:
    chunky_png (0.10.1)
    rake (0.8.7)
    rspec (1.3.0)

PLATFORMS
  ruby

DEPENDENCIES
  chunky_png (~> 0.10.1)
  oily_png!
  rake
  rspec (>= 1.3)
