PATH
  remote: .
  specs:
    oily_png (0.1.0)
      chunky_png (~> 0.10.4)

GEM
  remote: http://rubygems.org/
  specs:
    chunky_png (0.10.4)
    diff-lcs (1.1.2)
    rake (0.8.7)
    rspec (2.0.0)
      rspec-core (= 2.0.0)
      rspec-expectations (= 2.0.0)
      rspec-mocks (= 2.0.0)
    rspec-core (2.0.0)
    rspec-expectations (2.0.0)
      diff-lcs (>= 1.1.2)
    rspec-mocks (2.0.0)
      rspec-core (= 2.0.0)
      rspec-expectations (= 2.0.0)

PLATFORMS
  ruby

DEPENDENCIES
  chunky_png (~> 0.10.4)
  oily_png!
  rake
  rspec (~> 2.0)
