PATH
  remote: .
  specs:
    oily_png (0.0.7)
      chunky_png (~> 0.10.2)

GEM
  remote: http://rubygems.org/
  specs:
    chunky_png (0.10.2)
    rake (0.8.7)
    rspec (1.3.0)

PLATFORMS
  ruby

DEPENDENCIES
  chunky_png (~> 0.10.2)
  oily_png!
  rake
  rspec (>= 1.3)
